PATH
  remote: .
  specs:
    boom (0.3.1)
      json_pure (~> 1.5.3)
      multi_json (~> 1.0.3)

GEM
  remote: http://rubygems.org/
  specs:
    json_pure (1.5.4)
      spruz (~> 0.2.8)
    mocha (0.9.12)
    multi_json (1.0.4)
    rake (0.9.2)
    spruz (0.2.13)

PLATFORMS
  ruby

DEPENDENCIES
  boom!
  mocha (~> 0.9.9)
  rake (~> 0.9.2)
